GEM
  remote: https://rubygems.org/
  specs:
    rack (1.5.2)
    redcarpet (2.2.2)

PLATFORMS
  ruby

DEPENDENCIES
  rack
  redcarpet
